GEM
  remote: https://rubygems.org/
  specs:
    minitest (5.16.3)
    nokogiri (1.13.8-arm64-darwin)
      racc (~> 1.4)
    racc (1.6.0)
    rake (13.0.6)
    rubyXL (3.4.25)
      nokogiri (>= 1.10.8)
      rubyzip (>= 1.3.0)
    rubyzip (2.3.2)
    tomlrb (2.0.3)

PLATFORMS
  arm64-darwin-20

DEPENDENCIES
  minitest
  rake
  rubyXL
  tomlrb

BUNDLED WITH
   2.3.22
